GEM
  remote: https://rubygems.org/
  specs:
    coderay (1.1.3)
    method_source (1.0.0)
    neatjson (0.9)
    nokogiri (1.11.1-x86_64-darwin)
      racc (~> 1.4)
    parallel (1.20.1)
    pry (0.14.1)
      coderay (~> 1.1)
      method_source (~> 1.0)
    racc (1.5.2)

PLATFORMS
  x86_64-darwin-20

DEPENDENCIES
  neatjson
  nokogiri
  parallel
  pry (~> 0.14.1)

BUNDLED WITH
   2.2.26
